NUGET
  remote: https://www.nuget.org/api/v2
    FAKE (4.63)
    FSharp.FakeTargets (0.11.1)
    NuGet.CommandLine (4.1)
